GEM
  remote: http://rubygems.org/
  specs:
    activesupport (3.2.7)
      i18n (~> 0.6)
      multi_json (~> 1.0)
    hoe (3.0.6)
      rake (~> 0.8)
    i18n (0.6.0)
    libxml-ruby (2.3.3)
    multi_json (1.3.6)
    rake (0.9.2.2)
    rmtools (1.2.10)
      activesupport (>= 2.3.8)
      rake (>= 0.8.7)

PLATFORMS
  ruby

DEPENDENCIES
  hoe
  libxml-ruby
  rmtools
